GEM
  remote: http://rubygems.org/
  specs:
    RedCloth (4.2.9)
    adsf (1.2.0)
      rack (>= 1.0.0)
    byebug (3.5.1)
      columnize (~> 0.8)
      debugger-linecache (~> 1.2)
      slop (~> 3.6)
    celluloid (0.16.0)
      timers (~> 4.0.0)
    clipboard (1.0.6)
    coderay (1.1.0)
    colored (1.2)
    columnize (0.9.0)
    cri (2.6.1)
      colored (~> 1.2)
    debugger-linecache (1.2.0)
    domain_name (0.5.23)
      unf (>= 0.0.5, < 1.0.0)
    ffi (1.9.6)
    formatador (0.2.5)
    fssm (0.2.10)
    gist (4.3.0)
    git (1.2.9.1)
    guard (2.12.4)
      formatador (>= 0.2.4)
      listen (~> 2.7)
      lumberjack (~> 1.0)
      nenv (~> 0.1)
      notiffany (~> 0.0)
      pry (>= 0.9.12)
      shellany (~> 0.0)
      thor (>= 0.18.1)
    guard-nanoc (1.0.3)
      guard (~> 2.8)
      nanoc (~> 3.6)
    hitimes (1.2.2)
    http-cookie (1.0.2)
      domain_name (~> 0.5)
    jsbin-client (0.1.1)
      rest-client (>= 1.6)
    kramdown (1.11.1)
    listen (2.8.5)
      celluloid (>= 0.15.2)
      rb-fsevent (>= 0.9.3)
      rb-inotify (>= 0.9)
    lumberjack (1.0.9)
    method_source (0.8.2)
    mime-types (2.4.3)
    nanoc (3.7.5)
      cri (~> 2.3)
    nenv (0.2.0)
    netrc (0.10.3)
    notiffany (0.0.6)
      nenv (~> 0.1)
      shellany (~> 0.0)
    pry (0.10.1)
      coderay (~> 1.1.0)
      method_source (~> 0.8.1)
      slop (~> 3.4)
    pry-byebug (3.0.1)
      byebug (~> 3.4)
      pry (~> 0.10)
    rack (1.6.0)
    rake (10.4.2)
    rb-fsevent (0.9.4)
    rb-inotify (0.9.5)
      ffi (>= 0.5.0)
    rest-client (1.8.0)
      http-cookie (>= 1.0.2, < 2.0)
      mime-types (>= 1.16, < 3.0)
      netrc (~> 0.7)
    sass (3.4.12)
    shellany (0.0.1)
    slop (3.6.0)
    thor (0.19.1)
    timers (4.0.1)
      hitimes
    unf (0.1.4)
      unf_ext
    unf_ext (0.0.6)

PLATFORMS
  ruby

DEPENDENCIES
  RedCloth
  adsf
  clipboard
  fssm
  gist
  git
  guard-nanoc
  jsbin-client
  kramdown
  listen
  nanoc
  pry
  pry-byebug
  rake
  sass

RUBY VERSION
   ruby 2.4.1p111

BUNDLED WITH
   1.14.6
